GEM
  remote: http://rubygems.org/
  specs:
    ansi (1.4.3)
    git (1.2.5)
    jeweler (1.8.4)
      bundler (~> 1.0)
      git (>= 1.2.5)
      rake
      rdoc
    json (1.7.3)
    minitest (3.2.0)
    rake (0.9.2.2)
    rdoc (3.12)
      json (~> 1.4)
    turn (0.9.6)
      ansi
    yard (0.6.8)

PLATFORMS
  ruby

DEPENDENCIES
  bundler (~> 1.1.4)
  jeweler (~> 1.8.3)
  minitest
  turn (~> 0.9.5)
  yard (~> 0.6.0)
